PATH
  remote: .
  specs:
    dtrace_probe_simple (0.1.0.pre)

GEM
  remote: https://rubygems.org/
  specs:
    rake (13.0.1)
    rake-compiler (1.0.7)
      rake

PLATFORMS
  ruby

DEPENDENCIES
  bundler (>= 1.6)
  dtrace_probe_simple!
  rake (~> 13.0)
  rake-compiler

BUNDLED WITH
   1.16.1
